GIT
  remote: https://github.com/fugroup/fuprint
  revision: c7da2ef76afb4ef8c487f757d9c97142e88468dc
  specs:
    fuprint (0.0.1)

GIT
  remote: https://github.com/fugroup/futest
  revision: 0dfe41630d395f2286127fbfb4a0d13aea553bd6
  specs:
    futest (0.0.4)
      rest-client (>= 2.0)

GEM
  remote: https://rubygems.org/
  specs:
    domain_name (0.5.20161129)
      unf (>= 0.0.5, < 1.0.0)
    erubis (2.7.0)
    execjs (2.7.0)
    ffi (1.9.14)
    haml (4.0.6)
      tilt
    http-cookie (1.0.3)
      domain_name (~> 0.5)
    liquid (4.0.0)
    listen (3.1.5)
      rb-fsevent (~> 0.9, >= 0.9.4)
      rb-inotify (~> 0.9, >= 0.9.7)
      ruby_dep (~> 1.2)
    mime-types (3.1)
      mime-types-data (~> 3.2015)
    mime-types-data (3.2016.0521)
    netrc (0.11.0)
    puma (3.6.2)
    rack (1.6.5)
    rack-protection (1.5.3)
      rack
    rb-fsevent (0.9.8)
    rb-inotify (0.9.7)
      ffi (>= 0.5.0)
    request_store (1.3.1)
    rerun (0.11.0)
      listen (~> 3.0)
    rest-client (2.0.0)
      http-cookie (>= 1.0.2, < 2.0)
      mime-types (>= 1.16, < 4.0)
      netrc (~> 0.8)
    ruby_dep (1.5.0)
    sass (3.4.19)
    sinatra (1.4.7)
      rack (~> 1.5)
      rack-protection (~> 1.4)
      tilt (>= 1.3, < 3)
    terminal-notifier (1.7.1)
    tilt (2.0.5)
    uglifier (3.0.4)
      execjs (>= 0.3.0, < 3)
    unf (0.1.4)
      unf_ext
    unf_ext (0.0.7.2)

PLATFORMS
  ruby

DEPENDENCIES
  erubis
  fuprint!
  futest!
  haml
  liquid
  puma
  rb-fsevent
  request_store
  rerun
  rest-client
  sass
  sinatra
  terminal-notifier
  tilt
  uglifier

BUNDLED WITH
   1.13.7
